PATH
  remote: .
  specs:
    store (0.1.0)

GEM
  remote: http://rubygems.org/
  specs:
    RedCloth (4.2.9)
    activesupport (2.3.18)
    diff-lcs (1.2.5)
    docile (1.1.5)
    hash-to-ostruct (0.0.1)
      hoe (>= 1.8.0)
      newgem (>= 1.2.3)
    hoe (3.12.0)
      rake (>= 0.8, < 11.0)
    json (1.8.1)
    multi_json (1.10.1)
    newgem (1.5.3)
      RedCloth (>= 4.1.1)
      activesupport (~> 2.3.4)
      hoe (>= 2.4.0)
      rubigen (>= 1.5.3)
      syntax (>= 1.0.0)
    rake (10.3.2)
    rdoc (3.12.2)
      json (~> 1.4)
    rspec (3.0.0)
      rspec-core (~> 3.0.0)
      rspec-expectations (~> 3.0.0)
      rspec-mocks (~> 3.0.0)
    rspec-core (3.0.2)
      rspec-support (~> 3.0.0)
    rspec-expectations (3.0.2)
      diff-lcs (>= 1.2.0, < 2.0)
      rspec-support (~> 3.0.0)
    rspec-mocks (3.0.2)
      rspec-support (~> 3.0.0)
    rspec-support (3.0.2)
    rubigen (1.5.8)
      activesupport (>= 2.3.5, < 3.2.0)
    rubygems-tasks (0.2.4)
    simplecov (0.8.2)
      docile (~> 1.1.0)
      multi_json
      simplecov-html (~> 0.8.0)
    simplecov-html (0.8.0)
    syntax (1.2.0)

PLATFORMS
  ruby

DEPENDENCIES
  hash-to-ostruct (~> 0.0.1)
  json (~> 1.8.1)
  rdoc (~> 3.0)
  rspec (~> 3.0.0)
  rubygems-tasks (~> 0.2)
  simplecov
  store!
